GEM
  remote: https://rubygems.org/
  specs:
    colorize (0.8.1)
    httparty (0.17.0)
      mime-types (~> 3.0)
      multi_xml (>= 0.5.2)
    mime-types (3.2.2)
      mime-types-data (~> 3.2015)
    mime-types-data (3.2019.0331)
    multi_xml (0.6.0)
    pg (1.1.4)

PLATFORMS
  ruby

DEPENDENCIES
  colorize
  httparty
  pg

BUNDLED WITH
   2.0.2
